PATH
  remote: .
  specs:
    selfid (0.0.1)

GEM
  remote: https://rubygems.org/
  specs:
    addressable (2.6.0)
      public_suffix (>= 2.0.2, < 4.0)
    crack (0.4.3)
      safe_yaml (~> 1.0.0)
    ed25519 (1.2.4)
    hashdiff (0.4.0)
    minitest (5.11.3)
    public_suffix (3.1.1)
    rake (10.5.0)
    safe_yaml (1.0.5)
    timecop (0.9.1)
    webmock (3.6.0)
      addressable (>= 2.3.6)
      crack (>= 0.3.2)
      hashdiff (>= 0.4.0, < 2.0.0)

PLATFORMS
  ruby

DEPENDENCIES
  bundler (~> 1.12)
  ed25519
  minitest
  rake (~> 10.0)
  selfid!
  timecop
  webmock

BUNDLED WITH
   1.17.3
