GEM
  remote: https://rubygems.org/
  specs:
    async (1.24.2)
      console (~> 1.0)
      nio4r (~> 2.3)
      timers (~> 4.1)
    chunky_png (1.3.11)
    console (1.8.2)
    ed25519 (1.2.4)
    eventmachine (1.2.7)
    faye-websocket (0.10.9)
      eventmachine (>= 0.12.0)
      websocket-driver (>= 0.5.1)
    google-protobuf (3.11.4)
    httparty (0.18.0)
      mime-types (~> 3.0)
      multi_xml (>= 0.5.2)
    logger (1.4.2)
    mime-types (3.3.1)
      mime-types-data (~> 3.2015)
    mime-types-data (3.2019.1009)
    multi_xml (0.6.0)
    mustermann (1.1.1)
      ruby2_keywords (~> 0.0.1)
    net-ntp (2.1.3)
    nio4r (2.5.2)
    rack (2.2.2)
    rack-protection (2.0.8.1)
      rack
    rqrcode (1.1.2)
      chunky_png (~> 1.0)
      rqrcode_core (~> 0.1)
    rqrcode_core (0.1.2)
    ruby2_keywords (0.0.2)
    selfid (0.0.89)
      async
      ed25519
      eventmachine
      faye-websocket
      google-protobuf
      httparty
      logger
      net-ntp
    sinatra (2.0.8.1)
      mustermann (~> 1.0)
      rack (~> 2.0)
      rack-protection (= 2.0.8.1)
      tilt (~> 2.0)
    tilt (2.0.10)
    timers (4.3.0)
    websocket-driver (0.7.1)
      websocket-extensions (>= 0.1.0)
    websocket-extensions (0.1.4)

PLATFORMS
  ruby

DEPENDENCIES
  rqrcode
  selfid
  sinatra

BUNDLED WITH
   2.1.4
